GEM
  remote: https://rubygems.org/
  specs:
    minitest (5.25.5)
    rufo (0.18.1)

PLATFORMS
  ruby
  x86_64-linux

DEPENDENCIES
  minitest
  rufo

BUNDLED WITH
   2.6.2
